GEM
  remote: https://rubygems.org/
  specs:
    bigdecimal (3.2.2)
    cloud_events (0.7.1)
    csv (3.3.5)
    functions_framework (1.6.0)
      cloud_events (>= 0.7.0, < 2.a)
      puma (>= 4.3.0, < 7.a)
      rack (>= 2.1, < 4.a)
    httparty (0.23.1)
      csv
      mini_mime (>= 1.0.0)
      multi_xml (>= 0.5.2)
    mini_mime (1.1.5)
    mini_portile2 (2.8.9)
    multi_xml (0.7.2)
      bigdecimal (~> 3.1)
    nio4r (2.7.4)
    nokogiri (1.15.7)
      mini_portile2 (~> 2.8.2)
      racc (~> 1.4)
    puma (6.6.0)
      nio4r (~> 2.0)
    racc (1.8.1)
    rack (3.1.16)

PLATFORMS
  arm64-darwin-23
  ruby

DEPENDENCIES
  functions_framework (~> 1.4)
  httparty
  nokogiri (~> 1.15.0)

BUNDLED WITH
   2.6.6
